GEM
  remote: https://rubygems.org/
  specs:
    byebug (11.1.3)
    ffi (1.16.3)
    highline (2.1.0)
    options (2.3.2)
    os (1.1.4)
    progress_bar (1.3.3)
      highline (>= 1.6, < 3)
      options (~> 2.3.0)
    sys-filesystem (1.4.4)
      ffi (~> 1.1)

PLATFORMS
  x86_64-linux

DEPENDENCIES
  byebug
  os
  progress_bar
  sys-filesystem

BUNDLED WITH
   2.4.7
